GEM
  remote: https://rubygems.org/
  specs:
    dotenv (2.1.1)
    json (2.0.1)
    rack (1.5.4)
    rack-protection (1.5.3)
      rack
    rake (11.1.2)
    sinatra (1.4.7)
      rack (~> 1.5)
      rack-protection (~> 1.4)
      tilt (>= 1.3, < 3)
    tilt (2.0.3)

PLATFORMS
  ruby

DEPENDENCIES
  dotenv
  json
  rack
  rake
  sinatra

BUNDLED WITH
   1.12.5
