GEM
  remote: https://rubygems.org/
  specs:
    dotenv (2.0.2)
    rack (1.6.4)
    rack-protection (1.5.0)
      rack
    rake (10.4.2)
    sinatra (1.4.3)
      rack (~> 1.4)
      rack-protection (~> 1.4)
      tilt (~> 1.3, >= 1.3.4)
    tilt (1.4.1)

PLATFORMS
  ruby

DEPENDENCIES
  dotenv
  rack
  rake
  sinatra
